GEM
  remote: https://rubygems.org/
  specs:
    artii (2.1.1)
    chronic (0.10.2)
    colorize (0.7.7)
    terminal-table (1.5.2)

PLATFORMS
  ruby

DEPENDENCIES
  artii
  chronic
  colorize
  terminal-table

BUNDLED WITH
   1.11.0.pre.1
